GIT
  remote: https://github.com/arp/activerecord-redshift-adapter.git
  revision: 734e34e5ea88c040e665144f579ecb0664d75efc
  branch: rails4-compatibility
  specs:
    activerecord-redshift-adapter (0.9.12)
      activerecord (>= 3.0.0)
      activesupport (>= 3.0.0)
      arel (>= 3.0.0)
      pg

GIT
  remote: https://github.com/iain/http_accept_language.git
  revision: 74a6a244afa069154d08df0f5df373a6c7fc4fe2
  specs:
    http_accept_language (2.1.1)

GIT
  remote: https://github.com/meedan/carrierwave_backgrounder
  revision: 518cfd659719a282fcc9d343f6437cb3526f337d
  specs:
    carrierwave_backgrounder (0.4.2)
      carrierwave (>= 0.5, < 2.0)
      mime-types (>= 3.0.0)

GIT
  remote: https://github.com/meedan/graphiql-rails.git
  revision: 8db0eacf56006c11f46ded70bf3da47c7854cea5
  ref: 8db0eac
  specs:
    graphiql-rails (1.4.2)
      rails

GIT
  remote: https://github.com/meedan/omniauth-google-oauth2.git
  revision: e39e2d26877c1046385ef7f23eadd10fdb1feeaa
  ref: e39e2d2
  specs:
    omniauth-google-oauth2 (0.2.6)
      omniauth (> 1.0)
      omniauth-oauth2 (~> 1.1)

GIT
  remote: https://github.com/meedan/partitioned.git
  revision: 48c952171472f7e5c608ab1e0adfacf3f97a4320
  branch: rails-4-2
  specs:
    partitioned (2.1.0)
      activerecord (~> 4.2.1)
      activerecord-redshift-adapter
      bulk_data_methods
      pg

GIT
  remote: https://github.com/meedan/pender-client.git
  revision: 89c9072b5399bda616ad3955ec140a2a8c196d1d
  ref: 89c9072
  specs:
    pender_client (0.0.4)

GIT
  remote: https://github.com/meedan/transifex-interface-ruby.git
  revision: 5c8873a527f3115fe8006fb5ffeb396ea847d904
  specs:
    transifex-interface-ruby (0.0.2)

GIT
  remote: https://github.com/svenfuchs/rails-i18n.git
  revision: f8c83ec753439d7286b9168bbb246e354866cb9e
  ref: f8c83ec
  branch: rails-4-x
  specs:
    rails-i18n (4.0.9)
      i18n (~> 0.7)
      railties (~> 4.0)

GEM
  remote: https://rubygems.org/
  specs:
    aasm (5.1.1)
      concurrent-ruby (~> 1.0)
    actionmailer (4.2.11.1)
      actionpack (= 4.2.11.1)
      actionview (= 4.2.11.1)
      activejob (= 4.2.11.1)
      mail (~> 2.5, >= 2.5.4)
      rails-dom-testing (~> 1.0, >= 1.0.5)
    actionpack (4.2.11.1)
      actionview (= 4.2.11.1)
      activesupport (= 4.2.11.1)
      rack (~> 1.6)
      rack-test (~> 0.6.2)
      rails-dom-testing (~> 1.0, >= 1.0.5)
      rails-html-sanitizer (~> 1.0, >= 1.0.2)
    actionview (4.2.11.1)
      activesupport (= 4.2.11.1)
      builder (~> 3.1)
      erubis (~> 2.7.0)
      rails-dom-testing (~> 1.0, >= 1.0.5)
      rails-html-sanitizer (~> 1.0, >= 1.0.3)
    activejob (4.2.11.1)
      activesupport (= 4.2.11.1)
      globalid (>= 0.3.0)
    activemodel (4.2.11.1)
      activesupport (= 4.2.11.1)
      builder (~> 3.1)
    activerecord (4.2.11.1)
      activemodel (= 4.2.11.1)
      activesupport (= 4.2.11.1)
      arel (~> 6.0)
    activerecord-import (1.0.7)
      activerecord (>= 3.2)
    activesupport (4.2.11.1)
      i18n (~> 0.7)
      minitest (~> 5.1)
      thread_safe (~> 0.3, >= 0.3.4)
      tzinfo (~> 1.1)
    addressable (2.7.0)
      public_suffix (>= 2.0.2, < 5.0)
    airbrake (11.0.1)
      airbrake-ruby (~> 5.1)
    airbrake-ruby (5.2.0)
      rbtree3 (~> 0.5)
    ansi (1.5.0)
    apollo-tracing (1.5.0)
      graphql (>= 1.7.0, < 2)
    arel (6.0.4)
    ast (2.4.1)
    attr_encrypted (3.1.0)
      encryptor (~> 3.0.0)
    authtrail (0.1.3)
      activerecord (>= 4.2)
      geocoder
      railties (>= 4.2)
      warden
    autoprefixer-rails (10.1.0.0)
      execjs
    awesome_print (1.8.0)
    aws-eventstream (1.1.0)
    aws-partitions (1.409.0)
    aws-sdk-core (3.110.0)
      aws-eventstream (~> 1, >= 1.0.2)
      aws-partitions (~> 1, >= 1.239.0)
      aws-sigv4 (~> 1.1)
      jmespath (~> 1.0)
    aws-sdk-kms (1.40.0)
      aws-sdk-core (~> 3, >= 3.109.0)
      aws-sigv4 (~> 1.1)
    aws-sdk-s3 (1.46.0)
      aws-sdk-core (~> 3, >= 3.61.1)
      aws-sdk-kms (~> 1)
      aws-sigv4 (~> 1.1)
    aws-sigv4 (1.2.2)
      aws-eventstream (~> 1, >= 1.0.2)
    bcrypt (3.1.16)
    bitly (2.0.1)
      oauth2 (>= 0.5.0, < 2.0)
    bootstrap-sass (3.4.1)
      autoprefixer-rails (>= 5.2.1)
      sassc (>= 2.0.0)
    buftok (0.2.0)
    builder (3.2.4)
    bulk_data_methods (1.1.2)
      activerecord (>= 3.0.0)
      pg
    bumbler (0.8.0)
    byebug (11.1.3)
    cancancan (1.17.0)
    carrierwave (1.3.2)
      activemodel (>= 4.0.0)
      activesupport (>= 4.0.0)
      mime-types (>= 1.16)
      ssrf_filter (~> 1.0)
    carrierwave-video-thumbnailer (0.1.4)
      carrierwave
    chartkick (3.4.2)
    chronic_duration (0.10.6)
      numerizer (~> 0.1.1)
    chunky_png (1.3.15)
    clamav-client (3.2.0)
    codeclimate-test-reporter (1.0.7)
      simplecov
    coffee-rails (4.1.1)
      coffee-script (>= 2.2.0)
      railties (>= 4.0.0, < 5.1.x)
    coffee-script (2.4.1)
      coffee-script-source
      execjs
    coffee-script-source (1.12.2)
    colorize (0.8.1)
    concurrent-ruby (1.1.7)
    concurrent-ruby-ext (1.1.7)
      concurrent-ruby (= 1.1.7)
    connection_pool (2.2.3)
    crack (0.4.4)
    crass (1.0.6)
    daemons (1.3.1)
    debugger-ruby_core_source (1.3.8)
    declarative (0.0.20)
    declarative-option (0.1.0)
    deep_cloneable (2.3.2)
      activerecord (>= 3.1.0, < 6)
    devise (4.7.1)
      bcrypt (~> 3.0)
      orm_adapter (~> 0.1)
      railties (>= 4.1.0)
      responders
      warden (~> 1.2.3)
    devise-i18n (1.1.2)
    devise-two-factor (3.0.3)
      activesupport (< 5.3)
      attr_encrypted (>= 1.3, < 4, != 2)
      devise (~> 4.0)
      railties (< 5.3)
      rotp (~> 2.0)
    devise_invitable (1.7.4)
      actionmailer (>= 4.1.0)
      devise (>= 4.0.0)
    diff-lcs (1.4.4)
    docile (1.3.2)
    domain_name (0.5.20190701)
      unf (>= 0.0.5, < 1.0.0)
    elasticsearch (7.10.0)
      elasticsearch-api (= 7.10.0)
      elasticsearch-transport (= 7.10.0)
    elasticsearch-api (7.10.0)
      multi_json
    elasticsearch-model (7.1.1)
      activesupport (> 3)
      elasticsearch (> 1)
      hashie
    elasticsearch-persistence (7.1.1)
      activemodel (> 4)
      activesupport (> 4)
      elasticsearch (~> 7)
      elasticsearch-model (= 7.1.1)
      hashie
    elasticsearch-transport (7.10.0)
      faraday (~> 1)
      multi_json
    encryptor (3.0.0)
    equalizer (0.0.11)
    erubis (2.7.0)
    ethon (0.12.0)
      ffi (>= 1.3.0)
    eventmachine (1.2.7)
    excon (0.78.1)
    execjs (2.7.0)
    faraday (1.1.0)
      multipart-post (>= 1.2, < 3)
      ruby2_keywords
    ffi (1.9.24)
    ffi-compiler (1.0.1)
      ffi (>= 1.0.0)
      rake
    file_validators (2.3.0)
      activemodel (>= 3.2)
      mime-types (>= 1.0)
    filesize (0.2.0)
    fog-aws (3.7.0)
      fog-core (~> 2.1)
      fog-json (~> 1.1)
      fog-xml (~> 0.1)
      ipaddress (~> 0.8)
    fog-core (2.2.3)
      builder
      excon (~> 0.71)
      formatador (~> 0.2)
      mime-types
    fog-json (1.2.0)
      fog-core
      multi_json (~> 1.10)
    fog-xml (0.1.3)
      fog-core
      nokogiri (>= 1.5.11, < 2.0.0)
    formatador (0.2.5)
    gem-licenses (0.2.2)
    geocoder (1.6.4)
    geojsonlint (0.1.3)
      activemodel (>= 3.0.0)
      json-schema (~> 2.5.0)
    globalid (0.4.2)
      activesupport (>= 4.2.0)
    google-api-client (0.52.0)
      addressable (~> 2.5, >= 2.5.1)
      googleauth (~> 0.9)
      httpclient (>= 2.8.1, < 3.0)
      mini_mime (~> 1.0)
      representable (~> 3.0)
      retriable (>= 2.0, < 4.0)
      rexml
      signet (~> 0.12)
    google-protobuf (3.2.0)
    google_drive (3.0.5)
      google-api-client (>= 0.11.0, < 1.0.0)
      googleauth (>= 0.5.0, < 1.0.0)
      nokogiri (>= 1.5.3, < 2.0.0)
    googleauth (0.14.0)
      faraday (>= 0.17.3, < 2.0)
      jwt (>= 1.4, < 3.0)
      memoist (~> 0.16)
      multi_json (~> 1.11)
      os (>= 0.9, < 2.0)
      signet (~> 0.14)
    graphql (1.8.0.pre10)
    graphql-batch (0.3.5)
      graphql (>= 0.8, < 2)
      promise.rb (~> 0.7.2)
    graphql-formatter (0.1.1)
      colorize
    hashdiff (1.0.1)
    hashie (4.1.0)
    honeycomb-beeline (2.3.0)
      libhoney (~> 1.14, >= 1.14.2)
    htmlentities (4.3.4)
    http (4.4.1)
      addressable (~> 2.3)
      http-cookie (~> 1.0)
      http-form_data (~> 2.2)
      http-parser (~> 1.2.0)
    http-accept (1.7.0)
    http-cookie (1.0.3)
      domain_name (~> 0.5)
    http-form_data (2.3.0)
    http-parser (1.2.2)
      ffi-compiler
    http_parser.rb (0.6.0)
    httpclient (2.8.3)
    i18n (0.9.5)
      concurrent-ruby (~> 1.0)
    i18n-generators (1.1.3)
      mechanize
    idn-ruby (0.1.0)
    ipaddress (0.8.3)
    jbuilder (2.9.1)
      activesupport (>= 4.2.0)
    jmespath (1.4.0)
    jquery-rails (4.4.0)
      rails-dom-testing (>= 1, < 3)
      railties (>= 4.2.0)
      thor (>= 0.14, < 2.0)
    json (2.4.1)
    json-schema (2.5.0)
      addressable (~> 2.3)
    jsonapi-resources (0.10.4)
      activerecord (>= 4.1)
      concurrent-ruby
      railties (>= 4.1)
    jsonpath (0.8.12)
      multi_json
      to_regexp (~> 0.2.1)
    jwt (2.2.2)
    libhoney (1.16.0)
      addressable (~> 2.0)
      http (>= 2.0, < 5.0)
    libv8 (3.16.14.19)
    lograge (0.11.2)
      actionpack (>= 4)
      activesupport (>= 4)
      railties (>= 4)
      request_store (~> 1.0)
    loofah (2.3.1)
      crass (~> 1.0.2)
      nokogiri (>= 1.5.9)
    mail (2.7.1)
      mini_mime (>= 0.1.1)
    mechanize (2.7.7)
      domain_name (~> 0.5, >= 0.5.1)
      http-cookie (~> 1.0)
      mime-types (>= 1.17.2)
      net-http-digest_auth (~> 1.1, >= 1.1.1)
      net-http-persistent (>= 2.5.2)
      nokogiri (~> 1.6)
      ntlm-http (~> 0.1, >= 0.1.1)
      webrick (~> 1.7)
      webrobots (>= 0.0.9, < 0.2)
    memoist (0.16.2)
    memoizable (0.4.2)
      thread_safe (~> 0.3, >= 0.3.1)
    metaclass (0.0.4)
    mime-types (3.3.1)
      mime-types-data (~> 3.2015)
    mime-types-data (3.2020.1104)
    mini_magick (4.10.1)
    mini_mime (1.0.2)
    mini_portile2 (2.4.0)
    minitest (5.14.3)
    minitest-hooks (1.5.0)
      minitest (> 5.3)
    minitest-retry (0.2.1)
      minitest (>= 5.0)
    mocha (1.2.1)
      metaclass (~> 0.0.1)
    multi_json (1.12.2)
    multi_xml (0.6.0)
    multipart-post (2.1.1)
    naught (1.1.0)
    net-http-digest_auth (1.4.1)
    net-http-persistent (4.0.1)
      connection_pool (~> 2.2)
    netrc (0.11.0)
    nio4r (2.5.7)
    nokogiri (1.10.8)
      mini_portile2 (~> 2.4.0)
    ntlm-http (0.1.1)
    numerizer (0.1.1)
    oauth (0.5.6)
    oauth2 (1.4.4)
      faraday (>= 0.8, < 2.0)
      jwt (>= 1.0, < 3.0)
      multi_json (~> 1.3)
      multi_xml (~> 0.5)
      rack (>= 1.2, < 3)
    omniauth (1.9.1)
      hashie (>= 3.4.6)
      rack (>= 1.6.2, < 3)
    omniauth-facebook (8.0.0)
      omniauth-oauth2 (~> 1.2)
    omniauth-oauth (1.1.0)
      oauth
      omniauth (~> 1.0)
    omniauth-oauth2 (1.3.1)
      oauth2 (~> 1.0)
      omniauth (~> 1.2)
    omniauth-slack (2.3.0)
      omniauth-oauth2 (~> 1.3.1)
    omniauth-twitter (1.4.0)
      omniauth-oauth (~> 1.1)
      rack
    open_uri_redirections (0.2.1)
    orm_adapter (0.5.0)
    os (1.1.1)
    paper_trail (7.0.1)
      activerecord (>= 4.0, < 5.2)
      request_store (~> 1.1)
    parallel (1.20.1)
    parallel_tests (3.4.0)
      parallel
    parser (2.7.2.0)
      ast (~> 2.4.1)
    peek (1.0.1)
      concurrent-ruby (>= 0.9.0)
      concurrent-ruby-ext (>= 0.9.0)
      railties (>= 4.0.0)
    peek-rblineprof (0.2.0)
      peek
      rblineprof
    pg (0.18.4)
    pg_application_name (1.2.0)
      pg
      rails (>= 3.0.0)
      rspec-rails
    pg_query (0.13.0)
      json (>= 1.8, < 3)
    pghero (2.1.1)
      activerecord
    phony (2.18.18)
    phony_rails (0.14.13)
      activesupport (>= 3.0)
      phony (> 2.15)
    powerpack (0.1.3)
    promise.rb (0.7.4)
    public_suffix (4.0.6)
    puma (5.3.1)
      nio4r (~> 2.0)
    pusher (1.3.3)
      httpclient (~> 2.7)
      multi_json (~> 1.0)
      pusher-signature (~> 0.1.8)
    pusher-signature (0.1.8)
    rack (1.6.13)
    rack-cors (1.0.6)
      rack (>= 1.6.0)
    rack-protection (1.5.5)
      rack
    rack-test (0.6.3)
      rack (>= 1.0)
    railroady (1.5.3)
    rails (4.2.11.1)
      actionmailer (= 4.2.11.1)
      actionpack (= 4.2.11.1)
      actionview (= 4.2.11.1)
      activejob (= 4.2.11.1)
      activemodel (= 4.2.11.1)
      activerecord (= 4.2.11.1)
      activesupport (= 4.2.11.1)
      bundler (>= 1.3.0, < 2.0)
      railties (= 4.2.11.1)
      sprockets-rails
    rails-deprecated_sanitizer (1.0.3)
      activesupport (>= 4.2.0.alpha)
    rails-dom-testing (1.0.9)
      activesupport (>= 4.2.0, < 5.0)
      nokogiri (~> 1.6)
      rails-deprecated_sanitizer (>= 1.0.1)
    rails-graphql-generator (0.1.0)
    rails-html-sanitizer (1.0.4)
      loofah (~> 2.2, >= 2.2.2)
    railties (4.2.11.1)
      actionpack (= 4.2.11.1)
      activesupport (= 4.2.11.1)
      rake (>= 0.8.7)
      thor (>= 0.18.1, < 2.0)
    rainbow (2.2.2)
      rake
    rake (13.0.1)
    rb-fsevent (0.10.4)
    rb-inotify (0.10.1)
      ffi (~> 1.0)
    rblineprof (0.3.7)
      debugger-ruby_core_source (~> 1.3)
    rbtree3 (0.6.0)
    rdoc (6.2.1)
    redis (3.3.5)
    redis-actionpack (5.1.0)
      actionpack (>= 4.0, < 7)
      redis-rack (>= 1, < 3)
      redis-store (>= 1.1.0, < 2)
    redis-activesupport (5.2.0)
      activesupport (>= 3, < 7)
      redis-store (>= 1.3, < 2)
    redis-namespace (1.8.0)
      redis (>= 3.0.4)
    redis-objects (1.3.1)
      redis (~> 3.3)
    redis-rack (2.0.6)
      rack (>= 1.5, < 3)
      redis-store (>= 1.2, < 2)
    redis-rails (5.0.2)
      redis-actionpack (>= 5.0, < 6)
      redis-activesupport (>= 5.0, < 6)
      redis-store (>= 1.2, < 2)
    redis-store (1.6.0)
      redis (>= 2.2, < 5)
    ref (2.0.0)
    representable (3.0.4)
      declarative (< 0.1.0)
      declarative-option (< 0.2.0)
      uber (< 0.2.0)
    request_store (1.5.0)
      rack (>= 1.4)
    request_store-sidekiq (0.1.0)
      request_store (>= 1.3)
      sidekiq (>= 3.0)
    responders (2.4.1)
      actionpack (>= 4.2.0, < 6.0)
      railties (>= 4.2.0, < 6.0)
    rest-client (2.1.0)
      http-accept (>= 1.7.0, < 2.0)
      http-cookie (>= 1.0.2, < 2.0)
      mime-types (>= 1.16, < 4.0)
      netrc (~> 0.8)
    retriable (3.1.2)
    rexml (3.2.5)
    rotp (2.1.2)
    rqrcode (1.1.2)
      chunky_png (~> 1.0)
      rqrcode_core (~> 0.1)
    rqrcode_core (0.1.2)
    rspec-core (3.10.0)
      rspec-support (~> 3.10.0)
    rspec-expectations (3.10.0)
      diff-lcs (>= 1.2.0, < 2.0)
      rspec-support (~> 3.10.0)
    rspec-mocks (3.10.0)
      diff-lcs (>= 1.2.0, < 2.0)
      rspec-support (~> 3.10.0)
    rspec-rails (4.0.1)
      actionpack (>= 4.2)
      activesupport (>= 4.2)
      railties (>= 4.2)
      rspec-core (~> 3.9)
      rspec-expectations (~> 3.9)
      rspec-mocks (~> 3.9)
      rspec-support (~> 3.9)
    rspec-support (3.10.0)
    rubocop (0.49.0)
      parallel (~> 1.10)
      parser (>= 2.3.3.1, < 3.0)
      powerpack (~> 0.1)
      rainbow (>= 1.99.1, < 3.0)
      ruby-progressbar (~> 1.7)
      unicode-display_width (~> 1.0, >= 1.0.1)
    ruby-cldr (0.5.0)
      i18n
      nokogiri
      thor
    ruby-progressbar (1.10.1)
    ruby2_keywords (0.0.2)
    rubyzip (1.3.0)
    sass (3.7.4)
      sass-listen (~> 4.0.0)
    sass-listen (4.0.0)
      rb-fsevent (~> 0.9, >= 0.9.4)
      rb-inotify (~> 0.9, >= 0.9.7)
    sass-rails (5.0.7)
      railties (>= 4.0.0, < 6)
      sass (~> 3.1)
      sprockets (>= 2.8, < 4.0)
      sprockets-rails (>= 2.0, < 4.0)
      tilt (>= 1.1, < 3)
    sassc (2.4.0)
      ffi (~> 1.9)
    sdoc (2.0.3)
      rdoc (>= 5.0)
    shortener (0.8.2)
      voight_kampff (~> 1.1.2)
    sidekiq (4.2.10)
      concurrent-ruby (~> 1.0)
      connection_pool (~> 2.2, >= 2.2.0)
      rack-protection (>= 1.5.0)
      redis (~> 3.2, >= 3.2.1)
    sidekiq-benchmark (0.5.2)
      chartkick (>= 1.1.1)
      sidekiq (~> 4)
    sidekiq-status (1.1.4)
      chronic_duration
      sidekiq (>= 3.0)
    signet (0.14.0)
      addressable (~> 2.3)
      faraday (>= 0.17.3, < 2.0)
      jwt (>= 1.5, < 3.0)
      multi_json (~> 1.10)
    simple_oauth (0.3.1)
    simplecov (0.17.1)
      docile (~> 1.1)
      json (>= 1.8, < 3)
      simplecov-html (~> 0.10.0)
    simplecov-console (0.8.0)
      ansi
      simplecov
      terminal-table
    simplecov-html (0.10.2)
    sinatra (1.4.8)
      rack (~> 1.5)
      rack-protection (~> 1.4)
      tilt (>= 1.3, < 3)
    smooch-api (5.29.1)
      json (~> 2.3, >= 2.3.1)
      typhoeus (~> 1.0, >= 1.0.1)
    sprockets (3.7.2)
      concurrent-ruby (~> 1.0)
      rack (> 1, < 3)
    sprockets-rails (3.2.2)
      actionpack (>= 4.0)
      activesupport (>= 4.0)
      sprockets (>= 3.0.0)
    sqlite3 (1.3.13)
    ssrf_filter (1.0.7)
    swagger-docs (0.1.9)
      activesupport (>= 3, < 5)
      rails (>= 3, < 5)
    taglib-ruby (1.0.1)
    terminal-table (2.0.0)
      unicode-display_width (~> 1.1, >= 1.1.1)
    test_after_commit (1.2.2)
      activerecord (>= 3.2, < 5.0)
    therubyracer (0.12.3)
      libv8 (~> 3.16.14.15)
      ref
    thin (1.8.0)
      daemons (~> 1.0, >= 1.0.9)
      eventmachine (~> 1.0, >= 1.0.4)
      rack (>= 1, < 3)
    thor (1.0.1)
    thread_safe (0.3.6)
    tilt (2.0.10)
    to_regexp (0.2.1)
    turbolinks (5.2.1)
      turbolinks-source (~> 5.2)
    turbolinks-source (5.2.0)
    twitter (7.0.0)
      addressable (~> 2.3)
      buftok (~> 0.2.0)
      equalizer (~> 0.0.11)
      http (~> 4.0)
      http-form_data (~> 2.0)
      http_parser.rb (~> 0.6.0)
      memoizable (~> 0.4.0)
      multipart-post (~> 2.0)
      naught (~> 1.0)
      simple_oauth (~> 0.3.0)
    twitter-text (3.1.0)
      idn-ruby
      unf (~> 0.1.0)
    typhoeus (1.4.0)
      ethon (>= 0.9.0)
    tzinfo (1.2.9)
      thread_safe (~> 0.1)
    uber (0.1.0)
    uglifier (4.2.0)
      execjs (>= 0.3.0, < 3)
    unf (0.1.4)
      unf_ext
    unf_ext (0.0.7.7)
    unicode-display_width (1.7.0)
    useragent (0.16.10)
    voight_kampff (1.1.4)
      rack (>= 1.4, < 3.0)
    warden (1.2.7)
      rack (>= 1.0)
    webmock (3.10.0)
      addressable (>= 2.3.6)
      crack (>= 0.3.2)
      hashdiff (>= 0.4.0, < 2.0.0)
    webrick (1.7.0)
    webrobots (0.1.2)

PLATFORMS
  ruby

DEPENDENCIES
  aasm
  activejob (= 4.2.11.1)
  activerecord-import
  activerecord-redshift-adapter!
  airbrake (= 11.0.1)
  apollo-tracing (= 1.5.0)
  authtrail
  awesome_print
  aws-sdk-s3 (= 1.46.0)
  bitly
  bootstrap-sass (~> 3.4.1)
  bumbler
  byebug
  cancancan (~> 1.10)
  carrierwave (~> 1.3)
  carrierwave-video-thumbnailer
  carrierwave_backgrounder!
  clamav-client
  codeclimate-test-reporter (= 1.0.7)
  coffee-rails (~> 4.1.0)
  concurrent-ruby
  connection_pool
  deep_cloneable (~> 2.3.0)
  devise (= 4.7.1)
  devise-i18n (= 1.1.2)
  devise-two-factor (= 3.0.3)
  devise_invitable (= 1.7.4)
  elasticsearch (~> 7.x)
  elasticsearch-api (~> 7.x)
  elasticsearch-model (= 7.1.1)
  elasticsearch-persistence (= 7.1.1)
  elasticsearch-transport (~> 7.x)
  execjs
  ffi (= 1.9.24)
  file_validators
  filesize
  fog-aws
  gem-licenses
  geojsonlint
  google-protobuf (= 3.2.0)
  google_drive
  graphiql-rails!
  graphql (= 1.8.0.pre10)
  graphql-batch (= 0.3.5)
  graphql-formatter
  honeycomb-beeline
  htmlentities
  http_accept_language!
  i18n-generators
  jbuilder (~> 2.0)
  jquery-rails
  json (>= 2.3.0)
  json-schema (= 2.5.0)
  jsonapi-resources
  jsonpath (~> 0.8.8)
  jwt
  lograge
  loofah (= 2.3.1)
  mini_magick (= 4.10.1)
  minitest-hooks
  minitest-retry
  mocha (= 1.2.1)
  multi_json (= 1.12.2)
  nokogiri (= 1.10.8)
  omniauth-facebook
  omniauth-google-oauth2!
  omniauth-slack
  omniauth-twitter
  open_uri_redirections
  paper_trail (= 7.0.1)
  parallel_tests
  partitioned!
  peek (= 1.0.1)
  peek-rblineprof
  pender_client!
  pg (~> 0.18.0)
  pg_application_name
  pg_query (= 0.13.0)
  pghero (= 2.1.1)
  phony_rails
  puma
  pusher
  rack (>= 1.6.11)
  rack-cors (= 1.0.6)
  rack-protection (= 1.5.5)
  railroady
  rails (= 4.2.11.1)
  rails-graphql-generator
  rails-html-sanitizer (= 1.0.4)
  rails-i18n!
  redis-namespace
  redis-objects
  redis-rails
  request_store
  request_store-sidekiq (~> 0.1)
  responders
  rest-client
  rqrcode
  rubocop (= 0.49.0)
  ruby-cldr
  ruby-progressbar (~> 1.10, >= 1.10.1)
  rubyzip (= 1.3.0)
  sass-rails (~> 5.0)
  sdoc (= 2.0.3)
  shortener
  sidekiq (= 4.2.10)
  sidekiq-benchmark
  sidekiq-status
  simplecov (= 0.17.1)
  simplecov-console
  sinatra
  smooch-api (= 5.29.1)
  sprockets (= 3.7.2)
  sqlite3 (= 1.3.13)
  swagger-docs (= 0.1.9)
  taglib-ruby
  test_after_commit
  therubyracer
  thin
  transifex-interface-ruby!
  turbolinks
  twitter
  twitter-text
  typhoeus
  uglifier (>= 1.3.0)
  useragent (~> 0.16.10)
  webmock

BUNDLED WITH
   1.17.3
