GIT
  remote: https://github.com/iain/http_accept_language.git
  revision: 74a6a244afa069154d08df0f5df373a6c7fc4fe2
  specs:
    http_accept_language (2.1.1)

GIT
  remote: https://github.com/meedan/carrierwave_backgrounder
  revision: 518cfd659719a282fcc9d343f6437cb3526f337d
  specs:
    carrierwave_backgrounder (0.4.2)
      carrierwave (>= 0.5, < 2.0)
      mime-types (>= 3.0.0)

GIT
  remote: https://github.com/meedan/graphiql-rails.git
  revision: 8db0eacf56006c11f46ded70bf3da47c7854cea5
  ref: 8db0eac
  specs:
    graphiql-rails (1.4.2)
      rails

GIT
  remote: https://github.com/meedan/omniauth-google-oauth2.git
  revision: e39e2d26877c1046385ef7f23eadd10fdb1feeaa
  ref: e39e2d2
  specs:
    omniauth-google-oauth2 (0.2.6)
      omniauth (> 1.0)
      omniauth-oauth2 (~> 1.1)

GIT
  remote: https://github.com/meedan/partitioned
  revision: 9f8a4f0ceba51ed192d3e5c12f1fd172047d0152
  branch: rails-6
  specs:
    partitioned (2.1.0)
      activerecord (>= 6.0, < 7.0)
      pg

GIT
  remote: https://github.com/meedan/pender-client.git
  revision: 89c9072b5399bda616ad3955ec140a2a8c196d1d
  ref: 89c9072
  specs:
    pender_client (0.0.4)

GIT
  remote: https://github.com/meedan/rails-i18n.git
  revision: e3004b7793e5fd759c5b2134e021a29c6d0a6488
  branch: rails-6-x
  specs:
    rails-i18n (6.0.0)
      i18n (>= 0.7, < 2)
      railties (>= 6.0.0, < 7)

GIT
  remote: https://github.com/meedan/sunshine-conversations-ruby
  revision: c94f85c2ca743cbb82c172471d1936ed3291843b
  branch: v5.34.2
  specs:
    smooch-api (5.34.2.pre.rc)
      json (~> 2.3, >= 2.3.1)
      typhoeus (~> 1.0, >= 1.0.1)

GIT
  remote: https://github.com/meedan/transifex-interface-ruby.git
  revision: 5c8873a527f3115fe8006fb5ffeb396ea847d904
  specs:
    transifex-interface-ruby (0.0.2)

GEM
  remote: https://rubygems.org/
  specs:
    aasm (5.2.0)
      concurrent-ruby (~> 1.0)
    actioncable (6.1.7.9)
      actionpack (= 6.1.7.9)
      activesupport (= 6.1.7.9)
      nio4r (~> 2.0)
      websocket-driver (>= 0.6.1)
    actionmailbox (6.1.7.9)
      actionpack (= 6.1.7.9)
      activejob (= 6.1.7.9)
      activerecord (= 6.1.7.9)
      activestorage (= 6.1.7.9)
      activesupport (= 6.1.7.9)
      mail (>= 2.7.1)
    actionmailer (6.1.7.9)
      actionpack (= 6.1.7.9)
      actionview (= 6.1.7.9)
      activejob (= 6.1.7.9)
      activesupport (= 6.1.7.9)
      mail (~> 2.5, >= 2.5.4)
      rails-dom-testing (~> 2.0)
    actionpack (6.1.7.9)
      actionview (= 6.1.7.9)
      activesupport (= 6.1.7.9)
      rack (~> 2.0, >= 2.0.9)
      rack-test (>= 0.6.3)
      rails-dom-testing (~> 2.0)
      rails-html-sanitizer (~> 1.0, >= 1.2.0)
    actiontext (6.1.7.9)
      actionpack (= 6.1.7.9)
      activerecord (= 6.1.7.9)
      activestorage (= 6.1.7.9)
      activesupport (= 6.1.7.9)
      nokogiri (>= 1.8.5)
    actionview (6.1.7.9)
      activesupport (= 6.1.7.9)
      builder (~> 3.1)
      erubi (~> 1.4)
      rails-dom-testing (~> 2.0)
      rails-html-sanitizer (~> 1.1, >= 1.2.0)
    activejob (6.1.7.9)
      activesupport (= 6.1.7.9)
      globalid (>= 0.3.6)
    activemodel (6.1.7.9)
      activesupport (= 6.1.7.9)
    activerecord (6.1.7.9)
      activemodel (= 6.1.7.9)
      activesupport (= 6.1.7.9)
    activerecord-import (1.1.0)
      activerecord (>= 3.2)
    activestorage (6.1.7.9)
      actionpack (= 6.1.7.9)
      activejob (= 6.1.7.9)
      activerecord (= 6.1.7.9)
      activesupport (= 6.1.7.9)
      marcel (~> 1.0)
      mini_mime (>= 1.1.0)
    activesupport (6.1.7.9)
      concurrent-ruby (~> 1.0, >= 1.0.2)
      i18n (>= 1.6, < 2)
      minitest (>= 5.1)
      tzinfo (~> 2.0)
      zeitwerk (~> 2.3)
    addressable (2.8.0)
      public_suffix (>= 2.0.2, < 5.0)
    ansi (1.5.0)
    ast (2.4.2)
    attr_encrypted (3.1.0)
      encryptor (~> 3.0.0)
    authtrail (0.4.2)
      activerecord (>= 5.2)
      railties (>= 5.2)
      warden
    awesome_print (1.9.2)
    aws-eventstream (1.2.0)
    aws-partitions (1.569.0)
    aws-sdk-cloudwatch (1.62.0)
      aws-sdk-core (~> 3, >= 3.127.0)
      aws-sigv4 (~> 1.1)
    aws-sdk-core (3.130.0)
      aws-eventstream (~> 1, >= 1.0.2)
      aws-partitions (~> 1, >= 1.525.0)
      aws-sigv4 (~> 1.1)
      jmespath (~> 1.0)
    aws-sdk-kms (1.55.0)
      aws-sdk-core (~> 3, >= 3.127.0)
      aws-sigv4 (~> 1.1)
    aws-sdk-s3 (1.46.0)
      aws-sdk-core (~> 3, >= 3.61.1)
      aws-sdk-kms (~> 1)
      aws-sigv4 (~> 1.1)
    aws-sigv4 (1.4.0)
      aws-eventstream (~> 1, >= 1.0.2)
    bcrypt (3.1.20)
    bitly (2.0.1)
      oauth2 (>= 0.5.0, < 2.0)
    bootsnap (1.16.0)
      msgpack (~> 1.2)
    buftok (0.2.0)
    builder (3.3.0)
    bumbler (0.8.0)
    byebug (11.1.3)
    cancancan (1.17.0)
    carrierwave (1.3.2)
      activemodel (>= 4.0.0)
      activesupport (>= 4.0.0)
      mime-types (>= 1.16)
      ssrf_filter (~> 1.0)
    carrierwave-video-thumbnailer (0.1.4)
      carrierwave
    chartkick (4.1.3)
    chronic_duration (0.10.6)
      numerizer (~> 0.1.1)
    chunky_png (1.4.0)
    clamav-client (3.2.0)
    codeclimate-test-reporter (1.0.7)
      simplecov
    colorize (0.8.1)
    concurrent-ruby (1.2.2)
    connection_pool (2.2.5)
    crack (0.4.5)
      rexml
    crass (1.0.6)
    daemons (1.4.1)
    date (3.3.4)
    debugger-ruby_core_source (1.3.8)
    declarative (0.0.20)
    deep_cloneable (3.2.0)
      activerecord (>= 3.1.0, < 8)
    devise (4.9.2)
      bcrypt (~> 3.0)
      orm_adapter (~> 0.1)
      railties (>= 4.1.0)
      responders
      warden (~> 1.2.3)
    devise-i18n (1.10.3)
      devise (>= 4.8.0)
    devise-two-factor (4.0.2)
      activesupport (< 7.1)
      attr_encrypted (>= 1.3, < 4, != 2)
      devise (~> 4.0)
      railties (< 7.1)
      rotp (~> 6.0)
    devise_invitable (2.0.9)
      actionmailer (>= 5.0)
      devise (>= 4.6)
    diff-lcs (1.5.0)
    docile (1.4.0)
    domain_name (0.5.20190701)
      unf (>= 0.0.5, < 1.0.0)
    elasticsearch (7.10.1)
      elasticsearch-api (= 7.10.1)
      elasticsearch-transport (= 7.10.1)
    elasticsearch-api (7.10.1)
      multi_json
    elasticsearch-model (7.1.1)
      activesupport (> 3)
      elasticsearch (> 1)
      hashie
    elasticsearch-persistence (7.1.1)
      activemodel (> 4)
      activesupport (> 4)
      elasticsearch (~> 7)
      elasticsearch-model (= 7.1.1)
      hashie
    elasticsearch-transport (7.10.1)
      faraday (~> 1)
      multi_json
    encryptor (3.0.0)
    equalizer (0.0.11)
    erubi (1.13.0)
    et-orbi (1.2.11)
      tzinfo
    ethon (0.16.0)
      ffi (>= 1.15.0)
    eventmachine (1.2.7)
    excon (0.92.1)
    expgen (0.1.1)
      parslet
    faker (2.22.0)
      i18n (>= 1.8.11, < 2)
    faraday (1.10.0)
      faraday-em_http (~> 1.0)
      faraday-em_synchrony (~> 1.0)
      faraday-excon (~> 1.1)
      faraday-httpclient (~> 1.0)
      faraday-multipart (~> 1.0)
      faraday-net_http (~> 1.0)
      faraday-net_http_persistent (~> 1.0)
      faraday-patron (~> 1.0)
      faraday-rack (~> 1.0)
      faraday-retry (~> 1.0)
      ruby2_keywords (>= 0.0.4)
    faraday-em_http (1.0.0)
    faraday-em_synchrony (1.0.0)
    faraday-excon (1.1.0)
    faraday-httpclient (1.0.1)
    faraday-multipart (1.0.4)
      multipart-post (~> 2)
    faraday-net_http (1.0.1)
    faraday-net_http_persistent (1.2.0)
    faraday-patron (1.0.0)
    faraday-rack (1.0.0)
    faraday-retry (1.0.3)
    ffi (1.15.5)
    ffi-compiler (1.0.1)
      ffi (>= 1.0.0)
      rake
    file_validators (3.0.0)
      activemodel (>= 3.2)
      mime-types (>= 1.0)
    filelock (1.1.1)
    filesize (0.2.0)
    find_a_port (1.0.1)
    fog-aws (3.13.0)
      fog-core (~> 2.1)
      fog-json (~> 1.1)
      fog-xml (~> 0.1)
    fog-core (2.3.0)
      builder
      excon (~> 0.71)
      formatador (>= 0.2, < 2.0)
      mime-types
    fog-json (1.2.0)
      fog-core
      multi_json (~> 1.10)
    fog-xml (0.1.4)
      fog-core
      nokogiri (>= 1.5.11, < 2.0.0)
    formatador (1.1.0)
    fugit (1.11.1)
      et-orbi (~> 1, >= 1.2.11)
      raabro (~> 1.4)
    fx (0.8.0)
      activerecord (>= 6.0.0)
      railties (>= 6.0.0)
    gem-licenses (0.2.2)
    geocoder (1.6.4)
    geojsonlint (0.1.3)
      activemodel (>= 3.0.0)
      json-schema (~> 2.5.0)
    globalid (1.2.1)
      activesupport (>= 6.1)
    google-apis-core (0.4.2)
      addressable (~> 2.5, >= 2.5.1)
      googleauth (>= 0.16.2, < 2.a)
      httpclient (>= 2.8.1, < 3.a)
      mini_mime (~> 1.0)
      representable (~> 3.0)
      retriable (>= 2.0, < 4.a)
      rexml
      webrick
    google-apis-drive_v3 (0.19.0)
      google-apis-core (>= 0.4, < 2.a)
    google-apis-sheets_v4 (0.12.0)
      google-apis-core (>= 0.4, < 2.a)
    google-protobuf (3.25.5)
    google_drive (3.0.7)
      google-apis-drive_v3 (>= 0.5.0, < 1.0.0)
      google-apis-sheets_v4 (>= 0.4.0, < 1.0.0)
      googleauth (>= 0.5.0, < 1.0.0)
      nokogiri (>= 1.5.3, < 2.0.0)
    googleapis-common-protos-types (1.4.0)
      google-protobuf (~> 3.14)
    googleauth (0.17.1)
      faraday (>= 0.17.3, < 2.0)
      jwt (>= 1.4, < 3.0)
      memoist (~> 0.16)
      multi_json (~> 1.11)
      os (>= 0.9, < 2.0)
      signet (~> 0.15)
    graphql (1.11.10)
    graphql-batch (0.4.3)
      graphql (>= 1.3, < 2)
      promise.rb (~> 0.7.2)
    graphql-formatter (0.1.1)
      colorize
    hashdiff (1.0.1)
    hashie (5.0.0)
    htmlentities (4.3.4)
    http (4.4.1)
      addressable (~> 2.3)
      http-cookie (~> 1.0)
      http-form_data (~> 2.2)
      http-parser (~> 1.2.0)
    http-accept (1.7.0)
    http-cookie (1.0.5)
      domain_name (~> 0.5)
    http-form_data (2.3.0)
    http-parser (1.2.3)
      ffi-compiler (>= 1.0, < 2.0)
    http_parser.rb (0.6.0)
    httpclient (2.8.3)
    i18n (1.14.6)
      concurrent-ruby (~> 1.0)
    i18n-generators (1.1.3)
      mechanize
    idn-ruby (0.1.4)
    jaro_winkler (1.5.4)
    jmespath (1.6.1)
    json (2.6.3)
    json-schema (2.5.0)
      addressable (~> 2.3)
    jsonapi-resources (0.10.7)
      activerecord (>= 4.1)
      concurrent-ruby
      railties (>= 4.1)
    jsonpath (0.8.12)
      multi_json
      to_regexp (~> 0.2.1)
    jwt (2.3.0)
    listen (3.7.1)
      rb-fsevent (~> 0.10, >= 0.10.3)
      rb-inotify (~> 0.9, >= 0.9.10)
    lograge (0.11.2)
      actionpack (>= 4)
      activesupport (>= 4)
      railties (>= 4)
      request_store (~> 1.0)
    loofah (2.21.3)
      crass (~> 1.0.2)
      nokogiri (>= 1.12.0)
    mail (2.8.1)
      mini_mime (>= 0.1.1)
      net-imap
      net-pop
      net-smtp
    marcel (1.0.2)
    mechanize (2.8.5)
      addressable (~> 2.8)
      domain_name (~> 0.5, >= 0.5.20190701)
      http-cookie (~> 1.0, >= 1.0.3)
      mime-types (~> 3.0)
      net-http-digest_auth (~> 1.4, >= 1.4.1)
      net-http-persistent (>= 2.5.2, < 5.0.dev)
      nokogiri (~> 1.11, >= 1.11.2)
      rubyntlm (~> 0.6, >= 0.6.3)
      webrick (~> 1.7)
      webrobots (~> 0.1.2)
    memoist (0.16.2)
    memoizable (0.4.2)
      thread_safe (~> 0.3, >= 0.3.1)
    method_source (1.0.0)
    mime-types (3.4.1)
      mime-types-data (~> 3.2015)
    mime-types-data (3.2022.0105)
    mini_magick (4.10.1)
    mini_mime (1.1.5)
    mini_portile2 (2.8.7)
    minitest (5.19.0)
    minitest-hooks (1.5.0)
      minitest (> 5.3)
    minitest-retry (0.2.2)
      minitest (>= 5.0)
    mocha (2.1.0)
      ruby2_keywords (>= 0.0.5)
    msgpack (1.7.0)
    multi_json (1.15.0)
    multi_xml (0.6.0)
    multipart-post (2.3.0)
    naught (1.1.0)
    net-http-digest_auth (1.4.1)
    net-http-persistent (4.0.1)
      connection_pool (~> 2.2)
    net-imap (0.4.17)
      date
      net-protocol
    net-pop (0.1.2)
      net-protocol
    net-protocol (0.2.2)
      timeout
    net-smtp (0.5.0)
      net-protocol
    netrc (0.11.0)
    nio4r (2.7.3)
    nokogiri (1.16.5)
      mini_portile2 (~> 2.8.2)
      racc (~> 1.4)
    numerizer (0.1.1)
    oauth (0.5.8)
    oauth2 (1.4.9)
      faraday (>= 0.17.3, < 3.0)
      jwt (>= 1.0, < 3.0)
      multi_json (~> 1.3)
      multi_xml (~> 0.5)
      rack (>= 1.2, < 3)
    omniauth (1.9.2)
      hashie (>= 3.4.6)
      rack (>= 1.6.2, < 3)
    omniauth-facebook (9.0.0)
      omniauth-oauth2 (~> 1.2)
    omniauth-oauth (1.2.0)
      oauth
      omniauth (>= 1.0, < 3)
    omniauth-oauth2 (1.3.1)
      oauth2 (~> 1.0)
      omniauth (~> 1.2)
    omniauth-slack (2.3.0)
      omniauth-oauth2 (~> 1.3.1)
    omniauth-twitter (1.4.0)
      omniauth-oauth (~> 1.1)
      rack
    open_uri_redirections (0.2.1)
    opentelemetry-api (1.1.0)
    opentelemetry-common (0.19.6)
      opentelemetry-api (~> 1.0)
    opentelemetry-exporter-otlp (0.24.0)
      google-protobuf (~> 3.19)
      googleapis-common-protos-types (~> 1.3)
      opentelemetry-api (~> 1.1)
      opentelemetry-common (~> 0.19.6)
      opentelemetry-sdk (~> 1.2)
      opentelemetry-semantic_conventions
    opentelemetry-instrumentation-action_pack (0.2.0)
      opentelemetry-api (~> 1.0)
      opentelemetry-instrumentation-base (~> 0.21.0)
      opentelemetry-instrumentation-rack (~> 0.21.0)
    opentelemetry-instrumentation-action_view (0.3.0)
      opentelemetry-api (~> 1.0)
      opentelemetry-instrumentation-active_support (~> 0.1)
      opentelemetry-instrumentation-base (~> 0.20)
    opentelemetry-instrumentation-active_job (0.3.0)
      opentelemetry-api (~> 1.0)
      opentelemetry-instrumentation-base (~> 0.21.0)
    opentelemetry-instrumentation-active_record (0.4.0)
      opentelemetry-api (~> 1.0)
      opentelemetry-instrumentation-base (~> 0.21.0)
      ruby2_keywords
    opentelemetry-instrumentation-active_support (0.2.0)
      opentelemetry-api (~> 1.0)
      opentelemetry-instrumentation-base (~> 0.21.0)
    opentelemetry-instrumentation-aws_sdk (0.3.1)
      opentelemetry-api (~> 1.0)
      opentelemetry-instrumentation-base (~> 0.21.0)
    opentelemetry-instrumentation-base (0.21.0)
      opentelemetry-api (~> 1.0)
      opentelemetry-registry (~> 0.1)
    opentelemetry-instrumentation-concurrent_ruby (0.20.0)
      opentelemetry-api (~> 1.0)
      opentelemetry-instrumentation-base (~> 0.21.0)
    opentelemetry-instrumentation-ethon (0.20.0)
      opentelemetry-api (~> 1.0)
      opentelemetry-common (~> 0.19.3)
      opentelemetry-instrumentation-base (~> 0.21.0)
    opentelemetry-instrumentation-excon (0.20.0)
      opentelemetry-api (~> 1.0)
      opentelemetry-common (~> 0.19.3)
      opentelemetry-instrumentation-base (~> 0.21.0)
    opentelemetry-instrumentation-faraday (0.21.0)
      opentelemetry-api (~> 1.0)
      opentelemetry-common (~> 0.19.3)
      opentelemetry-instrumentation-base (~> 0.21.0)
    opentelemetry-instrumentation-graphql (0.20.0)
      opentelemetry-api (~> 1.0)
      opentelemetry-instrumentation-base (~> 0.21.0)
    opentelemetry-instrumentation-http (0.20.0)
      opentelemetry-api (~> 1.0)
      opentelemetry-instrumentation-base (~> 0.21.0)
    opentelemetry-instrumentation-http_client (0.20.0)
      opentelemetry-api (~> 1.0)
      opentelemetry-common (~> 0.19.3)
      opentelemetry-instrumentation-base (~> 0.21.0)
    opentelemetry-instrumentation-net_http (0.20.0)
      opentelemetry-api (~> 1.0)
      opentelemetry-common (~> 0.19.3)
      opentelemetry-instrumentation-base (~> 0.21.0)
    opentelemetry-instrumentation-pg (0.21.0)
      opentelemetry-api (~> 1.0)
      opentelemetry-instrumentation-base (~> 0.21.0)
    opentelemetry-instrumentation-rack (0.21.0)
      opentelemetry-api (~> 1.0)
      opentelemetry-common (~> 0.19.3)
      opentelemetry-instrumentation-base (~> 0.21.0)
    opentelemetry-instrumentation-rails (0.22.0)
      opentelemetry-api (~> 1.0)
      opentelemetry-instrumentation-action_pack (~> 0.2.0)
      opentelemetry-instrumentation-action_view (~> 0.3.0)
      opentelemetry-instrumentation-active_record (~> 0.4.0)
      opentelemetry-instrumentation-active_support (~> 0.2.0)
      opentelemetry-instrumentation-base (~> 0.21.0)
    opentelemetry-instrumentation-rake (0.1.0)
      opentelemetry-api (~> 1.0)
      opentelemetry-instrumentation-base (~> 0.21.0)
    opentelemetry-instrumentation-restclient (0.20.0)
      opentelemetry-api (~> 1.0)
      opentelemetry-common (~> 0.19.3)
      opentelemetry-instrumentation-base (~> 0.21.0)
    opentelemetry-instrumentation-sidekiq (0.22.0)
      opentelemetry-api (~> 1.0)
      opentelemetry-common (~> 0.19.3)
      opentelemetry-instrumentation-base (~> 0.21.0)
    opentelemetry-instrumentation-sinatra (0.20.0)
      opentelemetry-api (~> 1.0)
      opentelemetry-common (~> 0.19.3)
      opentelemetry-instrumentation-base (~> 0.21.0)
    opentelemetry-registry (0.2.0)
      opentelemetry-api (~> 1.1)
    opentelemetry-sdk (1.2.0)
      opentelemetry-api (~> 1.1)
      opentelemetry-common (~> 0.19.3)
      opentelemetry-registry (~> 0.2)
      opentelemetry-semantic_conventions
    opentelemetry-semantic_conventions (1.8.0)
      opentelemetry-api (~> 1.0)
    orm_adapter (0.5.0)
    os (1.1.4)
    pact (1.62.0)
      pact-mock_service (~> 3.0, >= 3.3.1)
      pact-support (~> 1.16, >= 1.16.9)
      rack-test (>= 0.6.3, < 2.0.0)
      rspec (~> 3.0)
      term-ansicolor (~> 1.0)
      thor (>= 0.20, < 2.0)
      webrick (~> 1.3)
    pact-consumer-minitest (1.0.1)
      minitest (>= 5.0.0)
      pact (~> 1.3)
    pact-mock_service (3.10.0)
      filelock (~> 1.1)
      find_a_port (~> 1.0.1)
      json
      pact-support (~> 1.16, >= 1.16.4)
      rack (~> 2.0)
      rspec (>= 2.14)
      term-ansicolor (~> 1.0)
      thor (>= 0.19, < 2.0)
      webrick (~> 1.3)
    pact-support (1.17.0)
      awesome_print (~> 1.9)
      diff-lcs (~> 1.4)
      expgen (~> 0.1)
      term-ansicolor (~> 1.0)
    paper_trail (13.0.0)
      activerecord (>= 5.2)
      request_store (~> 1.1)
    parallel (1.22.0)
    parallel_tests (3.13.0)
      parallel
    parse-cron (0.1.4)
    parser (3.2.2.1)
      ast (~> 2.4.1)
    parslet (2.0.0)
    peek (1.1.0)
      railties (>= 4.0.0)
    peek-rblineprof (0.2.0)
      peek
      rblineprof
    pg (1.5.3)
    pg_query (1.3.0)
    phony (2.19.9)
    phony_rails (0.15.0)
      activesupport (>= 3.0)
      phony (>= 2.18.12)
    promise.rb (0.7.4)
    public_suffix (4.0.7)
    puma (5.6.9)
      nio4r (~> 2.0)
    pusher (2.0.2)
      httpclient (~> 2.8)
      multi_json (~> 1.15)
      pusher-signature (~> 0.1.8)
    pusher-signature (0.1.8)
    raabro (1.4.0)
    racc (1.8.1)
    rack (2.2.8.1)
    rack-attack (6.7.0)
      rack (>= 1.0, < 4)
    rack-cors (1.0.6)
      rack (>= 1.6.0)
    rack-protection (2.2.0)
      rack
    rack-test (1.1.0)
      rack (>= 1.0, < 3)
    railroady (1.6.0)
    rails (6.1.7.9)
      actioncable (= 6.1.7.9)
      actionmailbox (= 6.1.7.9)
      actionmailer (= 6.1.7.9)
      actionpack (= 6.1.7.9)
      actiontext (= 6.1.7.9)
      actionview (= 6.1.7.9)
      activejob (= 6.1.7.9)
      activemodel (= 6.1.7.9)
      activerecord (= 6.1.7.9)
      activestorage (= 6.1.7.9)
      activesupport (= 6.1.7.9)
      bundler (>= 1.15.0)
      railties (= 6.1.7.9)
      sprockets-rails (>= 2.0.0)
    rails-controller-testing (1.0.5)
      actionpack (>= 5.0.1.rc1)
      actionview (>= 5.0.1.rc1)
      activesupport (>= 5.0.1.rc1)
    rails-dom-testing (2.2.0)
      activesupport (>= 5.0.0)
      minitest
      nokogiri (>= 1.6)
    rails-graphql-generator (0.1.0)
    rails-html-sanitizer (1.4.4)
      loofah (~> 2.19, >= 2.19.1)
    railties (6.1.7.9)
      actionpack (= 6.1.7.9)
      activesupport (= 6.1.7.9)
      method_source
      rake (>= 12.2)
      thor (~> 1.0)
    rainbow (2.2.2)
      rake
    rake (13.1.0)
    rb-fsevent (0.11.1)
    rb-inotify (0.10.1)
      ffi (~> 1.0)
    rblineprof (0.3.7)
      debugger-ruby_core_source (~> 1.3)
    rdoc (6.3.4.1)
    redis (4.5.1)
    redis-actionpack (5.3.0)
      actionpack (>= 5, < 8)
      redis-rack (>= 2.1.0, < 3)
      redis-store (>= 1.1.0, < 2)
    redis-activesupport (5.3.0)
      activesupport (>= 3, < 8)
      redis-store (>= 1.3, < 2)
    redis-namespace (1.8.2)
      redis (>= 3.0.4)
    redis-objects (1.5.1)
      redis (~> 4.2)
    redis-rack (2.1.4)
      rack (>= 2.0.8, < 3)
      redis-store (>= 1.2, < 2)
    redis-rails (5.0.2)
      redis-actionpack (>= 5.0, < 6)
      redis-activesupport (>= 5.0, < 6)
      redis-store (>= 1.2, < 2)
    redis-store (1.9.1)
      redis (>= 4, < 5)
    representable (3.1.1)
      declarative (< 0.1.0)
      trailblazer-option (>= 0.1.1, < 0.2.0)
      uber (< 0.2.0)
    request_store (1.5.1)
      rack (>= 1.4)
    request_store-sidekiq (0.1.0)
      request_store (>= 1.3)
      sidekiq (>= 3.0)
    responders (3.1.0)
      actionpack (>= 5.2)
      railties (>= 5.2)
    rest-client (2.1.0)
      http-accept (>= 1.7.0, < 2.0)
      http-cookie (>= 1.0.2, < 2.0)
      mime-types (>= 1.16, < 4.0)
      netrc (~> 0.8)
    retriable (3.1.2)
    rexml (3.3.6)
      strscan
    rotp (6.3.0)
    rqrcode (2.1.1)
      chunky_png (~> 1.0)
      rqrcode_core (~> 1.0)
    rqrcode_core (1.2.0)
    rspec (3.11.0)
      rspec-core (~> 3.11.0)
      rspec-expectations (~> 3.11.0)
      rspec-mocks (~> 3.11.0)
    rspec-core (3.11.0)
      rspec-support (~> 3.11.0)
    rspec-expectations (3.11.0)
      diff-lcs (>= 1.2.0, < 2.0)
      rspec-support (~> 3.11.0)
    rspec-mocks (3.11.0)
      diff-lcs (>= 1.2.0, < 2.0)
      rspec-support (~> 3.11.0)
    rspec-support (3.11.0)
    rss (0.2.9)
      rexml
    rubocop (0.77.0)
      jaro_winkler (~> 1.5.1)
      parallel (~> 1.10)
      parser (>= 2.6)
      rainbow (>= 2.2.2, < 4.0)
      ruby-progressbar (~> 1.7)
      unicode-display_width (>= 1.4.0, < 1.7)
    ruby-cldr (0.5.0)
      i18n
      nokogiri
      thor
    ruby-progressbar (1.11.0)
    ruby2_keywords (0.0.5)
    rubyntlm (0.6.3)
    rubyzip (1.3.0)
    sdoc (2.0.3)
      rdoc (>= 5.0)
    sentry-rails (5.8.0)
      railties (>= 5.0)
      sentry-ruby (~> 5.8.0)
    sentry-ruby (5.8.0)
      concurrent-ruby (~> 1.0, >= 1.0.2)
    sentry-sidekiq (5.8.0)
      sentry-ruby (~> 5.8.0)
      sidekiq (>= 3.0)
    shortener (0.8.2)
      voight_kampff (~> 1.1.2)
    sidekiq (5.2.10)
      connection_pool (~> 2.2, >= 2.2.2)
      rack (~> 2.0)
      rack-protection (>= 1.5.0)
      redis (~> 4.5, < 4.6.0)
    sidekiq-benchmark (0.7.1)
      chartkick (>= 1.1.1)
      sidekiq (> 5)
    sidekiq-cloudwatchmetrics (2.2.0)
      aws-sdk-cloudwatch (~> 1.6)
      sidekiq (>= 5.0, < 7.0)
    sidekiq-cron (1.2.0)
      fugit (~> 1.1)
      sidekiq (>= 4.2.1)
    sidekiq-status (2.1.3)
      chronic_duration
      sidekiq (>= 5.0)
    signet (0.16.1)
      addressable (~> 2.8)
      faraday (>= 0.17.5, < 3.0)
      jwt (>= 1.5, < 3.0)
      multi_json (~> 1.10)
    simple_oauth (0.3.1)
    simplecov (0.17.0)
      docile (~> 1.1)
      json (>= 1.8, < 3)
      simplecov-html (~> 0.10.0)
    simplecov-console (0.9.1)
      ansi
      simplecov
      terminal-table
    simplecov-html (0.10.2)
    sprockets (3.7.2)
      concurrent-ruby (~> 1.0)
      rack (> 1, < 3)
    sprockets-rails (3.4.2)
      actionpack (>= 5.2)
      activesupport (>= 5.2)
      sprockets (>= 3.0.0)
    ssrf_filter (1.0.7)
    streamio-ffmpeg (3.0.2)
      multi_json (~> 1.8)
    strscan (3.1.0)
    swagger-docs (0.2.9)
      activesupport (>= 3)
      rails (>= 3)
    sync (0.5.0)
    taglib-ruby (1.1.0)
    term-ansicolor (1.7.1)
      tins (~> 1.0)
    terminal-table (3.0.2)
      unicode-display_width (>= 1.1.1, < 3)
    thin (1.8.1)
      daemons (~> 1.0, >= 1.0.9)
      eventmachine (~> 1.0, >= 1.0.4)
      rack (>= 1, < 3)
    thor (1.3.1)
    thread_safe (0.3.6)
    timeout (0.4.1)
    tins (1.31.0)
      sync
    to_regexp (0.2.1)
    trailblazer-option (0.1.2)
    turbolinks (5.2.1)
      turbolinks-source (~> 5.2)
    turbolinks-source (5.2.0)
    twitter (7.0.0)
      addressable (~> 2.3)
      buftok (~> 0.2.0)
      equalizer (~> 0.0.11)
      http (~> 4.0)
      http-form_data (~> 2.0)
      http_parser.rb (~> 0.6.0)
      memoizable (~> 0.4.0)
      multipart-post (~> 2.0)
      naught (~> 1.0)
      simple_oauth (~> 0.3.0)
    twitter-text (3.1.0)
      idn-ruby
      unf (~> 0.1.0)
    typhoeus (1.4.0)
      ethon (>= 0.9.0)
    tzinfo (2.0.6)
      concurrent-ruby (~> 1.0)
    uber (0.1.0)
    unf (0.1.4)
      unf_ext
    unf_ext (0.0.8.2)
    unicode-display_width (1.6.0)
    useragent (0.16.10)
    voight_kampff (1.1.4)
      rack (>= 1.4, < 3.0)
    warden (1.2.9)
      rack (>= 2.0.9)
    webmock (3.14.0)
      addressable (>= 2.8.0)
      crack (>= 0.3.2)
      hashdiff (>= 0.4.0, < 2.0.0)
    webrick (1.8.2)
    webrobots (0.1.2)
    websocket-driver (0.7.6)
      websocket-extensions (>= 0.1.0)
    websocket-extensions (0.1.5)
    zeitwerk (2.7.0)

PLATFORMS
  ruby

DEPENDENCIES
  aasm
  activerecord-import (= 1.1.0)
  addressable
  authtrail
  awesome_print
  aws-sdk-s3 (= 1.46.0)
  bitly
  bootsnap
  bumbler
  byebug
  cancancan (~> 1.10)
  carrierwave (~> 1.3)
  carrierwave-video-thumbnailer
  carrierwave_backgrounder!
  clamav-client
  codeclimate-test-reporter (= 1.0.7)
  concurrent-ruby
  connection_pool
  deep_cloneable (>= 3.1)
  devise (~> 4.8)
  devise-i18n (~> 1.10.0)
  devise-two-factor (~> 4.0.2)
  devise_invitable (~> 2.0)
  elasticsearch (= 7.10.1)
  elasticsearch-api (= 7.10.1)
  elasticsearch-model (= 7.1.1)
  elasticsearch-persistence (= 7.1.1)
  elasticsearch-transport (= 7.10.1)
  faker
  file_validators
  filesize
  fog-aws
  fx
  gem-licenses
  geocoder (= 1.6.4)
  geojsonlint
  google-protobuf (= 3.25.5)
  google_drive
  graphiql-rails!
  graphql (~> 1.11.0)
  graphql-batch (~> 0.4.2)
  graphql-formatter
  htmlentities
  http_accept_language!
  i18n-generators
  json (>= 2.3.0)
  json-schema (= 2.5.0)
  jsonapi-resources
  jsonpath (~> 0.8.8)
  jwt
  listen
  lograge
  loofah (~> 2.0, >= 2.0.3)
  mini_magick (= 4.10.1)
  minitest (~> 5.14)
  minitest-hooks
  minitest-retry
  mocha (~> 2.0)
  multi_json (= 1.15.0)
  nokogiri (= 1.16.5)
  omniauth-facebook
  omniauth-google-oauth2!
  omniauth-slack
  omniauth-twitter
  open_uri_redirections
  opentelemetry-exporter-otlp
  opentelemetry-instrumentation-action_pack
  opentelemetry-instrumentation-action_view
  opentelemetry-instrumentation-active_job
  opentelemetry-instrumentation-active_record
  opentelemetry-instrumentation-active_support
  opentelemetry-instrumentation-aws_sdk
  opentelemetry-instrumentation-concurrent_ruby
  opentelemetry-instrumentation-ethon
  opentelemetry-instrumentation-excon
  opentelemetry-instrumentation-faraday
  opentelemetry-instrumentation-graphql
  opentelemetry-instrumentation-http
  opentelemetry-instrumentation-http_client
  opentelemetry-instrumentation-net_http
  opentelemetry-instrumentation-pg
  opentelemetry-instrumentation-rack
  opentelemetry-instrumentation-rails
  opentelemetry-instrumentation-rake
  opentelemetry-instrumentation-restclient
  opentelemetry-instrumentation-sidekiq
  opentelemetry-instrumentation-sinatra
  opentelemetry-sdk
  pact-consumer-minitest
  paper_trail (= 13.0.0)
  parallel
  parallel_tests (= 3.13.0)
  parse-cron
  partitioned!
  peek (= 1.1.0)
  peek-rblineprof
  pender_client!
  pg (~> 1.1)
  pg_query (~> 1.3)
  phony_rails
  puma
  pusher
  rack (= 2.2.8.1)
  rack-attack
  rack-cors (= 1.0.6)
  rack-protection (= 2.2.0)
  railroady
  rails (~> 6.1.7)
  rails-controller-testing
  rails-graphql-generator
  rails-html-sanitizer (= 1.4.4)
  rails-i18n!
  rdoc (= 6.3.4.1)
  redis-namespace
  redis-objects
  redis-rails
  request_store
  request_store-sidekiq (~> 0.1)
  responders
  rest-client
  rqrcode
  rss
  rubocop (= 0.77.0)
  ruby-cldr
  ruby-progressbar (~> 1.10, >= 1.10.1)
  rubyzip (= 1.3.0)
  sdoc (= 2.0.3)
  sentry-rails
  sentry-ruby
  sentry-sidekiq
  shortener
  sidekiq (= 5.2.10)
  sidekiq-benchmark (= 0.7.1)
  sidekiq-cloudwatchmetrics
  sidekiq-cron (~> 1.1)
  sidekiq-status
  simplecov (= 0.17.0)
  simplecov-console
  smooch-api (> 5.34.1)!
  sprockets (= 3.7.2)
  streamio-ffmpeg
  swagger-docs (= 0.2.9)
  taglib-ruby
  thin
  transifex-interface-ruby!
  turbolinks
  twitter
  twitter-text
  typhoeus
  unicode-display_width (= 1.6.0)
  useragent (~> 0.16.10)
  webmock

BUNDLED WITH
   2.4.19
